GEM
  remote: https://rubygems.org/
  specs:
    minitest (4.7.5)
    minitest-rg (1.1.1)
      minitest (< 5.0)
    rake (10.3.2)
    wwtd (0.5.5)

PLATFORMS
  ruby

DEPENDENCIES
  minitest
  minitest-rg
  rake
  wwtd
